GEM
  remote: http://rubygems.org/
  specs:
    backports (2.3.0)
    diff-lcs (1.1.3)
    eventmachine (0.12.10-java)
    fakefs (0.4.0)
    fuubar (1.0.0)
      rspec (~> 2.0)
      rspec-instafail (~> 0.2.0)
      ruby-progressbar (~> 0.0.10)
    haml (3.1.4)
    jruby_sandbox (0.1.3-java)
      fakefs
    jsmin (1.0.1)
    json (1.6.5-java)
    rack (1.4.1)
    rack-protection (1.2.0)
      rack
    rack-test (0.6.1)
      rack (>= 1.0)
    rake (0.9.2.2)
    rspec (2.9.0)
      rspec-core (~> 2.9.0)
      rspec-expectations (~> 2.9.0)
      rspec-mocks (~> 2.9.0)
    rspec-core (2.9.0)
    rspec-expectations (2.9.0)
      diff-lcs (~> 1.1.3)
    rspec-instafail (0.2.2)
    rspec-mocks (2.9.0)
    ruby-progressbar (0.0.10)
    sinatra (1.3.2)
      rack (~> 1.3, >= 1.3.6)
      rack-protection (~> 1.2)
      tilt (~> 1.3, >= 1.3.3)
    sinatra-assetpack (0.0.12.pre1)
      jsmin
      rack-test
      sinatra
      tilt (>= 1.3.0)
    sinatra-contrib (1.3.1)
      backports (>= 2.0)
      eventmachine
      rack-protection
      rack-test
      sinatra (~> 1.3.0)
      tilt (~> 1.3)
    tilt (1.3.3)

PLATFORMS
  java

DEPENDENCIES
  fuubar
  haml
  jruby_sandbox
  json
  rack-test
  rake
  rspec
  sinatra
  sinatra-assetpack (= 0.0.12.pre1)
  sinatra-contrib
